GEM
  specs:
    coderay (1.1.0)
    method_source (0.8.2)
    mini_magick (4.2.1)
    pdf-core (0.4.0)
    pdf-forms (0.6.0)
    prawn (1.3.0)
      pdf-core (~> 0.4.0)
      ttfunk (~> 1.4.0)
    pry (0.10.1)
      coderay (~> 1.1.0)
      method_source (~> 0.8.1)
      slop (~> 3.4)
    slop (3.6.0)
    thor (0.19.1)
    ttfunk (1.4.0)

PLATFORMS
  ruby

DEPENDENCIES
  mini_magick
  pdf-forms
  prawn
  pry
  thor
